GEM
  remote: https://rubygems.org/
  specs:
    passenger (5.1.0)
      rack
      rake (>= 0.8.1)
    rack (1.6.13)
    rack-protection (1.5.2)
      rack
    rack-rewrite (1.5.0)
    rake (13.0.1)
    vienna (0.4.0)
      rack (~> 1.5)

PLATFORMS
  ruby

DEPENDENCIES
  passenger
  rack-protection
  rack-rewrite
  vienna
